PATH
  remote: .
  specs:
    monkey (0.0.1)
      rake (>= 12, < 14)

GEM
  remote: https://rubygems.org/
  specs:
    ast (2.4.2)
    backport (1.2.0)
    benchmark (0.2.0)
    byebug (11.1.3)
    diff-lcs (1.5.0)
    docile (1.4.0)
    e2mmap (0.1.0)
    jaro_winkler (1.5.4)
    kramdown (2.3.1)
      rexml
    kramdown-parser-gfm (1.1.0)
      kramdown (~> 2.0)
    mini_portile2 (2.8.0)
    minitest (5.13.0)
    minitest-skip (0.0.3)
      minitest (~> 5.0)
    nokogiri (1.13.3)
      mini_portile2 (~> 2.8.0)
      racc (~> 1.4)
    nokogiri (1.13.3-arm64-darwin)
      racc (~> 1.4)
    parallel (1.21.0)
    parser (3.1.1.0)
      ast (~> 2.4.1)
    prettier (2.0.0)
    racc (1.6.0)
    rainbow (3.1.1)
    rake (13.0.6)
    regexp_parser (2.2.1)
    reverse_markdown (2.1.1)
      nokogiri
    rexml (3.2.5)
    rspec (3.11.0)
      rspec-core (~> 3.11.0)
      rspec-expectations (~> 3.11.0)
      rspec-mocks (~> 3.11.0)
    rspec-core (3.11.0)
      rspec-support (~> 3.11.0)
    rspec-expectations (3.11.0)
      diff-lcs (>= 1.2.0, < 2.0)
      rspec-support (~> 3.11.0)
    rspec-mocks (3.11.0)
      diff-lcs (>= 1.2.0, < 2.0)
      rspec-support (~> 3.11.0)
    rspec-sorbet (1.8.3)
      sorbet-runtime
    rspec-support (3.11.0)
    rubocop (1.26.0)
      parallel (~> 1.10)
      parser (>= 3.1.0.0)
      rainbow (>= 2.2.2, < 4.0)
      regexp_parser (>= 1.8, < 3.0)
      rexml
      rubocop-ast (>= 1.16.0, < 2.0)
      ruby-progressbar (~> 1.7)
      unicode-display_width (>= 1.4.0, < 3.0)
    rubocop-ast (1.16.0)
      parser (>= 3.1.1.0)
    rubocop-performance (1.13.3)
      rubocop (>= 1.7.0, < 2.0)
      rubocop-ast (>= 0.4.0)
    rubocop-rake (0.6.0)
      rubocop (~> 1.0)
    rubocop-rspec (2.9.0)
      rubocop (~> 1.19)
    rubocop-sorbet (0.6.7)
      rubocop (>= 0.90.0)
    ruby-progressbar (1.11.0)
    simplecov (0.21.2)
      docile (~> 1.1)
      simplecov-html (~> 0.11)
      simplecov_json_formatter (~> 0.1)
    simplecov-html (0.12.3)
    simplecov_json_formatter (0.1.4)
    solargraph (0.44.3)
      backport (~> 1.2)
      benchmark
      bundler (>= 1.17.2)
      diff-lcs (~> 1.4)
      e2mmap
      jaro_winkler (~> 1.5)
      kramdown (~> 2.3)
      kramdown-parser-gfm (~> 1.1)
      parser (~> 3.0)
      reverse_markdown (>= 1.0.5, < 3)
      rubocop (>= 0.52)
      thor (~> 1.0)
      tilt (~> 2.0)
      yard (~> 0.9, >= 0.9.24)
    sorbet (0.5.9763)
      sorbet-static (= 0.5.9763)
    sorbet-runtime (0.5.9763)
    sorbet-static (0.5.9763-universal-darwin-14)
    sorbet-static (0.5.9763-universal-darwin-15)
    sorbet-static (0.5.9763-universal-darwin-16)
    sorbet-static (0.5.9763-universal-darwin-17)
    sorbet-static (0.5.9763-universal-darwin-18)
    sorbet-static (0.5.9763-universal-darwin-19)
    sorbet-static (0.5.9763-universal-darwin-20)
    sorbet-static (0.5.9763-universal-darwin-21)
    sorbet-static (0.5.9763-x86_64-linux)
    thor (1.2.1)
    tilt (2.0.10)
    unicode-display_width (2.1.0)
    unparser (0.6.4)
      diff-lcs (~> 1.3)
      parser (>= 3.1.0)
    webrick (1.7.0)
    yard (0.9.27)
      webrick (~> 1.7.0)

PLATFORMS
  arm64-darwin-21
  ruby

DEPENDENCIES
  byebug (~> 11.1)
  minitest
  minitest-skip
  monkey!
  prettier
  rake
  rspec
  rspec-sorbet
  rubocop
  rubocop-performance
  rubocop-rake
  rubocop-rspec
  rubocop-sorbet
  simplecov
  solargraph
  sorbet
  sorbet-runtime
  unparser (~> 0.6.4)

BUNDLED WITH
   2.3.7
